GIT
  remote: https://github.com/FranckyU/sorted_array_binary.git
  revision: 6a8dd894e379d4d4cbb674aa8ce45feb5a6d2315
  ref: 6a8dd894e379d4d4cbb674aa8ce45feb5a6d2315
  specs:
    sorted_array_binary (0.0.3)
      bsearch20 (~> 1.6)

GEM
  remote: https://rubygems.org/
  specs:
    ast (2.4.2)
    bsearch20 (1.6.0)
    byebug (11.1.3)
    json (2.6.3)
    minitest (5.18.0)
    paint (2.3.0)
    parallel (1.23.0)
    parser (3.2.2.1)
      ast (~> 2.4.1)
    pastel (0.8.0)
      tty-color (~> 0.5)
    rainbow (3.1.1)
    rake (13.0.6)
    regexp_parser (2.8.0)
    rexml (3.2.5)
    rubocop (1.51.0)
      json (~> 2.3)
      parallel (~> 1.10)
      parser (>= 3.2.0.0)
      rainbow (>= 2.2.2, < 4.0)
      regexp_parser (>= 1.8, < 3.0)
      rexml (>= 3.2.5, < 4.0)
      rubocop-ast (>= 1.28.0, < 2.0)
      ruby-progressbar (~> 1.7)
      unicode-display_width (>= 2.4.0, < 3.0)
    rubocop-ast (1.28.1)
      parser (>= 3.2.1.0)
    ruby-progressbar (1.13.0)
    strings (0.2.1)
      strings-ansi (~> 0.2)
      unicode-display_width (>= 1.5, < 3.0)
      unicode_utils (~> 1.4)
    strings-ansi (0.2.0)
    thor (1.2.2)
    tty-color (0.6.0)
    tty-cursor (0.7.1)
    tty-screen (0.8.1)
    tty-spinner (0.9.3)
      tty-cursor (~> 0.7)
    tty-table (0.12.0)
      pastel (~> 0.8)
      strings (~> 0.2.0)
      tty-screen (~> 0.8)
    unicode-display_width (2.4.2)
    unicode_utils (1.4.0)

PLATFORMS
  x86_64-linux

DEPENDENCIES
  byebug
  minitest
  paint
  rake
  rubocop
  sorted_array_binary!
  thor (~> 1.0, >= 1.0.1)
  tty-spinner
  tty-table

RUBY VERSION
   ruby 3.2.2p53

BUNDLED WITH
   2.4.10
