GIT
  remote: https://github.com/FranckyU/sorted_array_binary.git
  revision: fa3ffb257dc5c1bb219a18887526afe985d3ec00
  ref: fa3ffb257dc5c1bb219a18887526afe985d3ec00
  specs:
    sorted_array_binary (0.0.3)
      bsearch20 (~> 1.6)

GEM
  remote: https://rubygems.org/
  specs:
    bsearch20 (1.6.0)
    byebug (11.1.3)
    equatable (0.6.1)
    necromancer (0.6.0)
    paint (2.2.0)
    pastel (0.7.4)
      equatable (~> 0.6)
      tty-color (~> 0.5)
    strings (0.1.8)
      strings-ansi (~> 0.1)
      unicode-display_width (~> 1.5)
      unicode_utils (~> 1.4)
    strings-ansi (0.2.0)
    thor (1.0.1)
    tty-color (0.5.1)
    tty-cursor (0.7.1)
    tty-screen (0.8.1)
    tty-spinner (0.9.3)
      tty-cursor (~> 0.7)
    tty-table (0.11.0)
      equatable (~> 0.6)
      necromancer (~> 0.5)
      pastel (~> 0.7.2)
      strings (~> 0.1.5)
      tty-screen (~> 0.7)
    unicode-display_width (1.7.0)
    unicode_utils (1.4.0)

PLATFORMS
  ruby

DEPENDENCIES
  byebug
  paint
  sorted_array_binary!
  thor (~> 1.0, >= 1.0.1)
  tty-spinner
  tty-table

RUBY VERSION
   ruby 2.7.0p0

BUNDLED WITH
   2.1.2
